GEM
  remote: https://rubygems.org/
  specs:
    andand (1.3.3)
    builder (2.1.2)
    crack (0.1.8)
    diff-lcs (1.2.4)
    git (1.2.5)
    hpricot (0.8.6-java)
    httparty (0.6.1)
      crack (= 0.1.8)
    jenkins-maestrodev (0.6.9)
      builder (~> 2.1.2)
      hpricot
      httparty (~> 0.6.1)
      json_pure (>= 1.5.1)
      term-ansicolor (>= 1.0.4)
      thor (~> 0.15.0)
    json (1.8.0-java)
    json_pure (1.8.0)
    little-plugger (1.1.3)
    logging (1.8.0)
      little-plugger (>= 1.1.3)
      multi_json (>= 1.3.6)
    maestro-plugin-rake-tasks (1.0.3)
      git
      json (>= 1.4.6)
      nokogiri
      rake (>= 0.9.2)
      zippy
    maestro_plugin (0.0.5)
      json (>= 1.4.6)
      logging (= 1.8.0)
      rubyzip (= 0.9.8)
    metaclass (0.0.1)
    mocha (0.14.0)
      metaclass (~> 0.0.1)
    multi_json (1.7.3)
    nokogiri (1.5.9-java)
    rake (10.0.3)
    rcov (0.9.11-java)
    rspec (2.13.0)
      rspec-core (~> 2.13.0)
      rspec-expectations (~> 2.13.0)
      rspec-mocks (~> 2.13.0)
    rspec-core (2.13.1)
    rspec-expectations (2.13.0)
      diff-lcs (>= 1.1.3, < 2.0)
    rspec-mocks (2.13.1)
    rubyzip (0.9.8)
    term-ansicolor (1.2.0)
      tins (~> 0.8)
    thor (0.15.4)
    tins (0.8.0)
    zippy (0.2.1)
      rubyzip (>= 0.9.1)

PLATFORMS
  java

DEPENDENCIES
  andand (>= 1.3.1)
  jenkins-maestrodev (>= 0.6.9)
  maestro-plugin-rake-tasks
  maestro_plugin (>= 0.0.4)
  mocha (>= 0.13.0)
  rcov (= 0.9.11)
  rspec
