GEM
  remote: https://rubygems.org/
  specs:
    addressable (2.3.4)
    andand (1.3.3)
    builder (2.1.2)
    crack (0.4.0)
      safe_yaml (~> 0.9.0)
    diff-lcs (1.2.4)
    git (1.2.5)
    jenkins_api_client (0.13.0.maestrodev)
      json
      mixlib-shellout (~> 1.1.0)
      nokogiri (~> 1.5.0)
      terminal-table (>= 1.4.0)
      thor (>= 0.16.0)
    json (1.8.0-java)
    little-plugger (1.1.3)
    logging (1.8.0)
      little-plugger (>= 1.1.3)
      multi_json (>= 1.3.6)
    maestro-plugin-rake-tasks (1.0.4)
      git
      json (>= 1.4.6)
      nokogiri
      rake (>= 0.9.2)
      zippy
    maestro_plugin (0.0.5)
      json (>= 1.4.6)
      logging (= 1.8.0)
      rubyzip (= 0.9.8)
    metaclass (0.0.1)
    mixlib-shellout (1.1.0)
    mocha (0.14.0)
      metaclass (~> 0.0.1)
    multi_json (1.7.7)
    nokogiri (1.5.10-java)
    rake (10.0.4)
    rcov (0.9.11-java)
    rspec (2.13.0)
      rspec-core (~> 2.13.0)
      rspec-expectations (~> 2.13.0)
      rspec-mocks (~> 2.13.0)
    rspec-core (2.13.1)
    rspec-expectations (2.13.0)
      diff-lcs (>= 1.1.3, < 2.0)
    rspec-mocks (2.13.1)
    rubyzip (0.9.8)
    safe_yaml (0.9.3)
    terminal-table (1.4.5)
    thor (0.18.1)
    webmock (1.11.0)
      addressable (>= 2.2.7)
      crack (>= 0.3.2)
    zippy (0.2.1)
      rubyzip (>= 0.9.1)

PLATFORMS
  java

DEPENDENCIES
  andand (>= 1.3.1)
  builder (~> 2.1.2)
  jenkins_api_client (>= 0.12.1)
  maestro-plugin-rake-tasks
  maestro_plugin (>= 0.0.4)
  mocha (>= 0.13.0)
  rcov (= 0.9.11)
  rspec
  webmock
