GEM
  remote: https://rubygems.org/
  specs:
    andand (1.3.1)
    builder (2.1.2)
    crack (0.1.8)
    diff-lcs (1.1.3)
    git (1.2.5)
    hpricot (0.8.6-java)
    httparty (0.6.1)
      crack (= 0.1.8)
    jenkins-maestrodev (0.6.9)
      builder (~> 2.1.2)
      hpricot
      httparty (~> 0.6.1)
      json_pure (>= 1.5.1)
      term-ansicolor (>= 1.0.4)
      thor (~> 0.15.0)
    json (1.7.7-java)
    json_pure (1.7.5)
    little-plugger (1.1.3)
    logging (1.8.0)
      little-plugger (>= 1.1.3)
      multi_json (>= 1.3.6)
    maestro_plugin (0.0.2)
      json (>= 1.4.6)
      logging (= 1.8.0)
      rubyzip (= 0.9.8)
    metaclass (0.0.1)
    mocha (0.13.1)
      metaclass (~> 0.0.1)
    multi_json (1.7.2)
    nokogiri (1.5.5-java)
    rake (0.9.2.2)
    rcov (0.9.11-java)
    rspec (2.12.0)
      rspec-core (~> 2.12.0)
      rspec-expectations (~> 2.12.0)
      rspec-mocks (~> 2.12.0)
    rspec-core (2.12.0)
    rspec-expectations (2.12.0)
      diff-lcs (~> 1.1.3)
    rspec-mocks (2.12.0)
    rubyzip (0.9.8)
    term-ansicolor (1.0.7)
    thor (0.15.3)
    zippy (0.2.1)
      rubyzip (>= 0.9.1)

PLATFORMS
  java

DEPENDENCIES
  andand (= 1.3.1)
  bundler (>= 1.0.21)
  git
  jenkins-maestrodev (>= 0.6.9)
  maestro_plugin (>= 0.0.2)
  mocha (>= 0.13.0)
  nokogiri
  rake
  rcov (= 0.9.11)
  rspec
  zippy
