GEM
  remote: https://rubygems.org/
  specs:
    addressable (2.3.5)
    andand (1.3.3)
    builder (3.2.2)
    crack (0.4.1)
      safe_yaml (~> 0.9.0)
    diff-lcs (1.2.5)
    git (1.2.6)
    jenkins_api_client (1.0.0.beta.2)
      json
      mixlib-shellout (>= 1.1.0)
      nokogiri (~> 1.6.0)
      terminal-table (>= 1.4.0)
      thor (>= 0.16.0)
    json (1.8.1-java)
    little-plugger (1.1.3)
    logging (1.8.0)
      little-plugger (>= 1.1.3)
      multi_json (>= 1.3.6)
    maestro-plugin-rake-tasks (1.0.8)
      git
      json (>= 1.4.6)
      nokogiri
      rake (>= 0.9.2)
      rubyzip (< 1.0.0)
      zippy
    maestro_plugin (0.0.19)
      json (>= 1.4.6)
      logging (= 1.8.0)
      rubyzip (= 0.9.8)
    metaclass (0.0.1)
    mini_portile (0.5.2)
    mixlib-shellout (1.3.0)
    mocha (0.14.0)
      metaclass (~> 0.0.1)
    multi_json (1.8.2)
    nokogiri (1.6.1-java)
      mini_portile (~> 0.5.0)
    rake (10.1.0)
    rcov (0.9.11-java)
    rspec (2.14.1)
      rspec-core (~> 2.14.0)
      rspec-expectations (~> 2.14.0)
      rspec-mocks (~> 2.14.0)
    rspec-core (2.14.7)
    rspec-expectations (2.14.4)
      diff-lcs (>= 1.1.3, < 2.0)
    rspec-mocks (2.14.4)
    rubyzip (0.9.8)
    safe_yaml (0.9.7)
    terminal-table (1.4.5)
    thor (0.18.1)
    webmock (1.16.1)
      addressable (>= 2.2.7)
      crack (>= 0.3.2)
    zippy (0.2.1)
      rubyzip (>= 0.9.1)

PLATFORMS
  java

DEPENDENCIES
  andand (>= 1.3.1)
  builder (> 3.0.0)
  jenkins_api_client (~> 1.0.0.beta.2)
  maestro-plugin-rake-tasks
  maestro_plugin (>= 0.0.17)
  mocha (>= 0.13.0)
  rcov (= 0.9.11)
  rspec
  webmock
